GEM
  remote: http://rubygems.org/
  specs:
    activesupport (3.0.5)
    i18n (0.5.0)
    mail (2.2.15)
      activesupport (>= 2.3.6)
      i18n (>= 0.4.0)
      mime-types (~> 1.16)
      treetop (~> 1.4.8)
    mime (0.1)
    mime-types (1.16)
    polyglot (0.3.1)
    ruby-gmail (0.2.1)
      mail (>= 2.2.1)
      shared-mime-info
    selenium-client (1.2.18)
    shared-mime-info (0.1)
    treetop (1.4.9)
      polyglot (>= 0.3.1)

PLATFORMS
  x86-mingw32

DEPENDENCIES
  mime
  ruby-gmail
  selenium-client
